PATH
  remote: .
  specs:
    commentable_on (0.1.0)

GEM
  remote: https://rubygems.org/
  specs:
    activemodel (7.0.4)
      activesupport (= 7.0.4)
    activerecord (7.0.4)
      activemodel (= 7.0.4)
      activesupport (= 7.0.4)
    activesupport (7.0.4)
      concurrent-ruby (~> 1.0, >= 1.0.2)
      i18n (>= 1.6, < 2)
      minitest (>= 5.1)
      tzinfo (~> 2.0)
    concurrent-ruby (1.1.10)
    diff-lcs (1.5.0)
    factory_bot (6.2.1)
      activesupport (>= 5.0.0)
    i18n (1.12.0)
      concurrent-ruby (~> 1.0)
    mini_portile2 (2.8.0)
    minitest (5.16.3)
    rspec (3.12.0)
      rspec-core (~> 3.12.0)
      rspec-expectations (~> 3.12.0)
      rspec-mocks (~> 3.12.0)
    rspec-core (3.12.0)
      rspec-support (~> 3.12.0)
    rspec-expectations (3.12.0)
      diff-lcs (>= 1.2.0, < 2.0)
      rspec-support (~> 3.12.0)
    rspec-mocks (3.12.0)
      diff-lcs (>= 1.2.0, < 2.0)
      rspec-support (~> 3.12.0)
    rspec-support (3.12.0)
    sqlite3 (1.5.3)
      mini_portile2 (~> 2.8.0)
    tzinfo (2.0.5)
      concurrent-ruby (~> 1.0)

PLATFORMS
  ruby

DEPENDENCIES
  activerecord (~> 7.0)
  commentable_on!
  factory_bot (~> 6.2)
  rspec (~> 3.6)
  sqlite3 (~> 1.5)

BUNDLED WITH
   2.1.4
